GIT
  remote: https://github.com/flant/net_status.git
  revision: 5f849b682cec89c5c3a53e97c13137cad49eebed
  specs:
    net_status (0.2.4)

GIT
  remote: https://github.com/flant/path_mapper.git
  revision: 2c362e88381a35b903bce23414a68333e577b37f
  specs:
    path_mapper (0.0.1)

PATH
  remote: .
  specs:
    superhosting (0.1.0)
      mixlib-cli
      mixlib-shellout

GEM
  remote: https://rubygems.org/
  specs:
    coderay (1.1.1)
    diff-lcs (1.2.5)
    excon (0.47.0)
    method_source (0.8.2)
    mixlib-cli (1.5.0)
    mixlib-shellout (2.2.6)
    pry (0.10.3)
      coderay (~> 1.1.0)
      method_source (~> 0.8.1)
      slop (~> 3.4)
    rake (10.5.0)
    rspec (3.4.0)
      rspec-core (~> 3.4.0)
      rspec-expectations (~> 3.4.0)
      rspec-mocks (~> 3.4.0)
    rspec-core (3.4.3)
      rspec-support (~> 3.4.0)
    rspec-expectations (3.4.0)
      diff-lcs (>= 1.2.0, < 2.0)
      rspec-support (~> 3.4.0)
    rspec-mocks (3.4.1)
      diff-lcs (>= 1.2.0, < 2.0)
      rspec-support (~> 3.4.0)
    rspec-support (3.4.1)
    slop (3.6.0)

PLATFORMS
  ruby

DEPENDENCIES
  bundler (>= 1.1)
  excon (>= 0.45.4, < 1.0)
  net_status!
  path_mapper!
  pry
  rake (~> 10.0)
  rspec (~> 3.4.0)
  superhosting!

BUNDLED WITH
   1.11.2
