GIT
  remote: https://github.com/flant/net_status.git
  revision: 5f849b682cec89c5c3a53e97c13137cad49eebed
  specs:
    net_status (0.2.4)

GIT
  remote: https://github.com/flant/path_mapper.git
  revision: e335501d4ded1b0c9713bf47f9c6a349c6b944dc
  specs:
    path_mapper (0.0.2)

PATH
  remote: .
  specs:
    superhosting (0.1.0)
      mixlib-cli (>= 1.5.0, < 2.0)
      mixlib-shellout (>= 2.2.6, < 3.0)

GEM
  remote: https://rubygems.org/
  specs:
    addressable (2.4.0)
    backports (3.6.8)
    binding_of_caller (0.7.2)
      debug_inspector (>= 0.0.1)
    byebug (8.2.2)
    coderay (1.1.1)
    debug_inspector (0.0.2)
    diff-lcs (1.2.5)
    ethon (0.8.1)
      ffi (>= 1.3.0)
    excon (0.47.0)
    faraday (0.9.2)
      multipart-post (>= 1.2, < 3)
    faraday_middleware (0.10.0)
      faraday (>= 0.7.4, < 0.10)
    ffi (1.9.10)
    gh (0.14.0)
      addressable
      backports
      faraday (~> 0.8)
      multi_json (~> 1.0)
      net-http-persistent (>= 2.7)
      net-http-pipeline
    highline (1.7.8)
    json (1.8.3)
    launchy (2.4.3)
      addressable (~> 2.3)
    method_source (0.8.2)
    mixlib-cli (1.5.0)
    mixlib-shellout (2.2.6)
    multi_json (1.11.2)
    multipart-post (2.0.0)
    net-http-persistent (2.9.4)
    net-http-pipeline (1.0.1)
    pry (0.10.3)
      coderay (~> 1.1.0)
      method_source (~> 0.8.1)
      slop (~> 3.4)
    pry-byebug (3.3.0)
      byebug (~> 8.0)
      pry (~> 0.10)
    pry-stack_explorer (0.4.9.2)
      binding_of_caller (>= 0.7)
      pry (>= 0.9.11)
    pusher-client (0.6.2)
      json
      websocket (~> 1.0)
    rake (10.5.0)
    rspec (3.4.0)
      rspec-core (~> 3.4.0)
      rspec-expectations (~> 3.4.0)
      rspec-mocks (~> 3.4.0)
    rspec-core (3.4.3)
      rspec-support (~> 3.4.0)
    rspec-expectations (3.4.0)
      diff-lcs (>= 1.2.0, < 2.0)
      rspec-support (~> 3.4.0)
    rspec-mocks (3.4.1)
      diff-lcs (>= 1.2.0, < 2.0)
      rspec-support (~> 3.4.0)
    rspec-support (3.4.1)
    slop (3.6.0)
    travis (1.8.2)
      backports
      faraday (~> 0.9)
      faraday_middleware (~> 0.9, >= 0.9.1)
      gh (~> 0.13)
      highline (~> 1.6)
      launchy (~> 2.1)
      pusher-client (~> 0.4)
      typhoeus (~> 0.6, >= 0.6.8)
    typhoeus (0.8.0)
      ethon (>= 0.8.0)
    websocket (1.2.2)

PLATFORMS
  ruby

DEPENDENCIES
  bundler (~> 1.7)
  excon (>= 0.45.4, < 1.0)
  net_status!
  path_mapper!
  pry (>= 0.10.3, < 1.0)
  pry-byebug (>= 3.3.0, < 4.0)
  pry-stack_explorer (>= 0.4.9.2, < 1.0)
  rake (~> 10.0)
  rspec (~> 3.4, >= 3.4.0)
  superhosting!
  travis (~> 1.8, >= 1.8.2)

BUNDLED WITH
   1.11.2
