GIT
  remote: https://github.com/flant/net_status.git
  revision: c0ebc73f893c883d45b41beb058216eebc92c650
  specs:
    net_status (0.2.3)

GIT
  remote: https://github.com/flant/path_mapper.git
  revision: d945adf271b4d01e1a970f999a6e047175a73814
  specs:
    path_mapper (0.0.1)

PATH
  remote: .
  specs:
    superhosting (0.1.0)
      mixlib-cli
      mixlib-shellout

GEM
  remote: https://rubygems.org/
  specs:
    coderay (1.1.1)
    diff-lcs (1.2.5)
    excon (0.45.4)
    method_source (0.8.2)
    mixlib-cli (1.5.0)
    mixlib-shellout (2.2.6)
    pry (0.10.3)
      coderay (~> 1.1.0)
      method_source (~> 0.8.1)
      slop (~> 3.4)
    rake (10.5.0)
    rspec (3.4.0)
      rspec-core (~> 3.4.0)
      rspec-expectations (~> 3.4.0)
      rspec-mocks (~> 3.4.0)
    rspec-core (3.4.3)
      rspec-support (~> 3.4.0)
    rspec-expectations (3.4.0)
      diff-lcs (>= 1.2.0, < 2.0)
      rspec-support (~> 3.4.0)
    rspec-mocks (3.4.1)
      diff-lcs (>= 1.2.0, < 2.0)
      rspec-support (~> 3.4.0)
    rspec-support (3.4.1)
    slop (3.6.0)

PLATFORMS
  ruby

DEPENDENCIES
  bundler (~> 1.10)
  excon (>= 0.45.4, < 1.0)
  net_status!
  path_mapper!
  pry
  rake (~> 10.0)
  rspec (~> 3.4.0)
  superhosting!

BUNDLED WITH
   1.11.2
